PATH
  remote: ../..
  specs:
    ferrum-har (0.1.4)
      base64
      ferrum
      selenium_chrome_helper

GEM
  remote: https://rubygems.org/
  specs:
    addressable (2.8.7)
      public_suffix (>= 2.0.2, < 7.0)
    base64 (0.3.0)
    concurrent-ruby (1.3.5)
    ferrum (0.17.1)
      addressable (~> 2.5)
      base64 (~> 0.2)
      concurrent-ruby (~> 1.1)
      webrick (~> 1.7)
      websocket-driver (~> 0.7)
    public_suffix (6.0.2)
    rake (13.3.0)
    rubyzip (2.4.1)
    selenium_chrome_helper (0.1.9)
      rake
      rubyzip (>= 2.0)
    webrick (1.9.1)
    websocket-driver (0.8.0)
      base64
      websocket-extensions (>= 0.1.0)
    websocket-extensions (0.1.5)

PLATFORMS
  ruby
  x86_64-linux

DEPENDENCIES
  ferrum-har!

BUNDLED WITH
   2.5.4
